GEM
  remote: https://rubygems.org/
  specs:
    diff-lcs (1.3)
    ethon (0.12.0)
      ffi (>= 1.3.0)
    ffi (1.11.1)
    rspec (3.8.0)
      rspec-core (~> 3.8.0)
      rspec-expectations (~> 3.8.0)
      rspec-mocks (~> 3.8.0)
    rspec-core (3.8.0)
      rspec-support (~> 3.8.0)
    rspec-expectations (3.8.3)
      diff-lcs (>= 1.2.0, < 2.0)
      rspec-support (~> 3.8.0)
    rspec-mocks (3.8.0)
      diff-lcs (>= 1.2.0, < 2.0)
      rspec-support (~> 3.8.0)
    rspec-support (3.8.0)
    typhoeus (1.3.1)
      ethon (>= 0.9.0)
    yard (0.9.20)

PLATFORMS
  ruby

DEPENDENCIES
  rspec (= 3.8.0)
  typhoeus (= 1.3.1)
  yard (= 0.9.20)

BUNDLED WITH
   1.17.3
